GEM
  specs:
    httparty (0.13.7)
      json (~> 1.8)
      multi_xml (>= 0.5.2)
    json (1.8.3)
    multi_xml (0.5.5)

PLATFORMS
  x86-mingw32

DEPENDENCIES
  httparty (= 0.13.7)
